PATH
  remote: .
  specs:
    manpages (0.6.1)

GEM
  remote: https://rubygems.org/
  specs:
    ast (2.4.2)
    coderay (1.1.1)
    diff-lcs (1.2.5)
    method_source (0.8.2)
    parallel (1.24.0)
    parser (2.7.2.0)
      ast (~> 2.4.1)
    powerpack (0.1.3)
    pry (0.10.3)
      coderay (~> 1.1.0)
      method_source (~> 0.8.1)
      slop (~> 3.4)
    rainbow (2.2.2)
      rake
    rake (10.5.0)
    rspec (3.5.0)
      rspec-core (~> 3.5.0)
      rspec-expectations (~> 3.5.0)
      rspec-mocks (~> 3.5.0)
    rspec-core (3.5.0)
      rspec-support (~> 3.5.0)
    rspec-expectations (3.5.0)
      diff-lcs (>= 1.2.0, < 2.0)
      rspec-support (~> 3.5.0)
    rspec-mocks (3.5.0)
      diff-lcs (>= 1.2.0, < 2.0)
      rspec-support (~> 3.5.0)
    rspec-support (3.5.0)
    rubocop (0.49.0)
      parallel (~> 1.10)
      parser (>= 2.3.3.1, < 3.0)
      powerpack (~> 0.1)
      rainbow (>= 1.99.1, < 3.0)
      ruby-progressbar (~> 1.7)
      unicode-display_width (~> 1.0, >= 1.0.1)
    ruby-progressbar (1.13.0)
    slop (3.6.0)
    unicode-display_width (1.8.0)

PLATFORMS
  ruby

DEPENDENCIES
  bundler (~> 1.8)
  manpages!
  pry (~> 0)
  rake (~> 10.0)
  rspec (~> 3.0)
  rubocop (~> 0.49.0)

BUNDLED WITH
   1.14.0
